NUGET
  remote: https://www.nuget.org/api/v2
    NCrunch.Framework (2.26.0.1)
    NFluent (1.3.1)
    SpecFlow (2.1)
    Specflow.NCrunch (1.0)
      NCrunch.Framework (>= 2.24.0.2)
